GEM
  remote: https://rubygems.org/
  remote: http://rubygems.delivery.realestate.com.au/
  specs:
    activesupport (4.2.1)
      i18n (~> 0.7)
      json (~> 1.7, >= 1.7.7)
      minitest (~> 5.1)
      thread_safe (~> 0.3, >= 0.3.4)
      tzinfo (~> 1.1)
    ast (2.0.0)
    astrolabe (1.3.0)
      parser (>= 2.2.0.pre.3, < 3.0)
    axiom-types (0.1.1)
      descendants_tracker (~> 0.0.4)
      ice_nine (~> 0.11.0)
      thread_safe (~> 0.3, >= 0.3.1)
    builder (3.2.2)
    byebug (4.0.5)
      columnize (= 0.9.0)
    cane (2.6.2)
      parallel
    coercible (1.0.0)
      descendants_tracker (~> 0.0.1)
    columnize (0.9.0)
    database_cleaner (1.4.1)
    descendants_tracker (0.0.4)
      thread_safe (~> 0.3, >= 0.3.1)
    diff-lcs (1.2.5)
    docile (1.1.5)
    dotenv (2.0.1)
    equalizer (0.0.11)
    ffaker (2.0.0)
    grape (0.11.0)
      activesupport
      builder
      hashie (>= 2.1.0)
      multi_json (>= 1.3.2)
      multi_xml (>= 0.5.2)
      rack (>= 1.3.0)
      rack-accept
      rack-mount
      virtus (>= 1.0.0)
    grape-roar (0.3.0)
      grape
      roar (>= 1.0)
    hal-index (0.0.9)
    hashie (3.4.1)
    i18n (0.7.0)
    ice_nine (0.11.1)
    json (1.8.2)
    kgio (2.9.3)
    mini_portile (0.6.2)
    minitest (5.6.0)
    multi_json (1.11.0)
    multi_xml (0.5.5)
    nokogiri (1.6.6.2)
      mini_portile (~> 0.6.0)
    parallel (1.4.1)
    parser (2.2.2.1)
      ast (>= 1.1, < 3.0)
    pg (0.18.1)
    powerpack (0.1.0)
    rack (1.6.0)
    rack-accept (0.4.5)
      rack (>= 0.4)
    rack-hal_browser (0.3.24)
      rack (>= 1.5.2)
    rack-mount (0.8.3)
      rack (>= 1.0.0)
    rack-test (0.6.3)
      rack (>= 1.0)
    rainbow (2.0.0)
    raindrops (0.13.0)
    rake (10.4.2)
    rea-health-check (0.4.2)
      json
      rack
    representable (2.1.5)
      multi_json
      nokogiri
      uber (~> 0.0.7)
    roar (1.0.1)
      representable (>= 2.0.1, <= 3.0.0)
    rom (0.6.2)
      equalizer (~> 0.0, >= 0.0.9)
      transproc (~> 0.2, >= 0.2.0)
    rom-sql (0.4.1)
      equalizer (~> 0.0, >= 0.0.9)
      rom (~> 0.6.0)
      sequel (~> 4.18)
    rspec (3.2.0)
      rspec-core (~> 3.2.0)
      rspec-expectations (~> 3.2.0)
      rspec-mocks (~> 3.2.0)
    rspec-core (3.2.3)
      rspec-support (~> 3.2.0)
    rspec-expectations (3.2.1)
      diff-lcs (>= 1.2.0, < 2.0)
      rspec-support (~> 3.2.0)
    rspec-mocks (3.2.1)
      diff-lcs (>= 1.2.0, < 2.0)
      rspec-support (~> 3.2.0)
    rspec-support (3.2.2)
    rubocop (0.30.0)
      astrolabe (~> 1.3)
      parser (>= 2.2.0.1, < 3.0)
      powerpack (~> 0.1)
      rainbow (>= 1.99.1, < 3.0)
      ruby-progressbar (~> 1.4)
    ruby-progressbar (1.7.5)
    sequel (4.21.0)
    simplecov (0.10.0)
      docile (~> 1.1.0)
      json (~> 1.8)
      simplecov-html (~> 0.10.0)
    simplecov-html (0.10.0)
    thread_safe (0.3.5)
    transproc (0.2.0)
    tzinfo (1.2.2)
      thread_safe (~> 0.1)
    uber (0.0.13)
    unicorn (4.8.3)
      kgio (~> 2.6)
      rack
      raindrops (~> 0.7)
    virtus (1.0.5)
      axiom-types (~> 0.1)
      coercible (~> 1.0)
      descendants_tracker (~> 0.0, >= 0.0.3)
      equalizer (~> 0.0, >= 0.0.9)

PLATFORMS
  ruby

DEPENDENCIES
  byebug
  cane
  database_cleaner
  dotenv
  ffaker
  grape
  grape-roar
  hal-index
  pg
  rack
  rack-hal_browser
  rack-test
  rake
  rea-health-check
  roar
  rom-sql
  rspec
  rubocop
  simplecov
  unicorn
